GIT
  remote: https://github.com/envygeeks/jekyll-assets
  revision: 056d2c88719ef3b1f90967a606dd1441581dd832
  specs:
    jekyll-assets (4.0.0.alpha)
      activesupport (>= 5, < 7)
      execjs (~> 2.7)
      extras (~> 0.2)
      fastimage (~> 2.0, >= 1.8)
      jekyll (>= 3.5, < 5.0)
      jekyll-sanity (~> 1.2)
      liquid-tag-parser (>= 1, < 3)
      nokogiri (~> 1.10)
      pathutil (~> 0.16)
      sassc (>= 1.11, < 3.0)
      sprockets (~> 4.0.beta7)

PATH
  remote: ..
  specs:
    jekyll_video (0.1.0)
      jekyll (>= 3.5.0)
      jekyll_plugin_support (>= 0.7.0)

GEM
  remote: https://rubygems.org/
  specs:
    activesupport (6.1.7.6)
      concurrent-ruby (~> 1.0, >= 1.0.2)
      i18n (>= 1.6, < 2)
      minitest (>= 5.1)
      tzinfo (~> 2.0)
      zeitwerk (~> 2.3)
    addressable (2.8.5)
      public_suffix (>= 2.0.2, < 6.0)
    ast (2.4.2)
    bump (0.10.0)
    classifier-reborn (2.3.0)
      fast-stemmer (~> 1.0)
      matrix (~> 0.4)
    colorator (1.1.0)
    concurrent-ruby (1.2.2)
    debug (1.8.0)
      irb (>= 1.5.0)
      reline (>= 0.3.1)
    diff-lcs (1.5.0)
    em-websocket (0.5.3)
      eventmachine (>= 0.12.9)
      http_parser.rb (~> 0)
    ethon (0.16.0)
      ffi (>= 1.15.0)
    eventmachine (1.2.7)
    execjs (2.9.1)
    extras (0.3.0)
      forwardable-extended (~> 2.5)
    facets (3.1.0)
    fast-stemmer (1.0.2)
    fastimage (2.2.7)
    ffi (1.16.3)
    forwardable-extended (2.6.0)
    google-protobuf (3.25.0-x86_64-linux)
    html-proofer (4.4.3)
      addressable (~> 2.3)
      mercenary (~> 0.3)
      nokogiri (~> 1.13)
      parallel (~> 1.10)
      rainbow (~> 3.0)
      typhoeus (~> 1.3)
      yell (~> 2.0)
      zeitwerk (~> 2.5)
    http_parser.rb (0.8.0)
    i18n (1.14.1)
      concurrent-ruby (~> 1.0)
    io-console (0.6.0)
    irb (1.8.3)
      rdoc
      reline (>= 0.3.8)
    jekyll (4.3.2)
      addressable (~> 2.4)
      colorator (~> 1.0)
      em-websocket (~> 0.5)
      i18n (~> 1.0)
      jekyll-sass-converter (>= 2.0, < 4.0)
      jekyll-watch (~> 2.0)
      kramdown (~> 2.3, >= 2.3.1)
      kramdown-parser-gfm (~> 1.0)
      liquid (~> 4.0)
      mercenary (>= 0.3.6, < 0.5)
      pathutil (~> 0.9)
      rouge (>= 3.0, < 5.0)
      safe_yaml (~> 1.0)
      terminal-table (>= 1.8, < 4.0)
      webrick (~> 1.7)
    jekyll-environment-variables (1.0.1)
      jekyll (>= 3.0, < 5.x)
    jekyll-sanity (1.6.0)
      jekyll (>= 3.1, < 5.0)
      pathutil (~> 0.16)
    jekyll-sass-converter (3.0.0)
      sass-embedded (~> 1.54)
    jekyll-tagging (1.1.0)
      nuggets
    jekyll-watch (2.2.1)
      listen (~> 3.0)
    jekyll_plugin_logger (2.1.1)
      bump
      jekyll (>= 3.5.0)
    jekyll_plugin_support (0.7.2)
      facets
      jekyll (>= 3.5.0)
      jekyll_plugin_logger
      key-value-parser
    json (2.6.3)
    key-value-parser (0.0.2)
    kramdown (2.4.0)
      rexml
    kramdown-parser-gfm (1.1.0)
      kramdown (~> 2.0)
    language_server-protocol (3.17.0.3)
    liquid (4.0.4)
    liquid-tag-parser (2.0.2)
      extras (~> 0.3)
      liquid (>= 3.0, < 5.0)
    listen (3.8.0)
      rb-fsevent (~> 0.10, >= 0.10.3)
      rb-inotify (~> 0.9, >= 0.9.10)
    matrix (0.4.2)
    mercenary (0.4.0)
    minitest (5.20.0)
    nokogiri (1.15.4-x86_64-linux)
      racc (~> 1.4)
    nuggets (1.6.1)
    parallel (1.23.0)
    parser (3.2.2.4)
      ast (~> 2.4.1)
      racc
    pathutil (0.16.2)
      forwardable-extended (~> 2.6)
    psych (5.1.1.1)
      stringio
    public_suffix (5.0.3)
    racc (1.7.3)
    rack (3.0.8)
    rainbow (3.1.1)
    rake (13.1.0)
    rb-fsevent (0.11.2)
    rb-inotify (0.10.1)
      ffi (~> 1.0)
    rdoc (6.6.0)
      psych (>= 4.0.0)
    regexp_parser (2.8.2)
    reline (0.4.0)
      io-console (~> 0.5)
    rexml (3.2.6)
    rouge (4.2.0)
    rspec (3.12.0)
      rspec-core (~> 3.12.0)
      rspec-expectations (~> 3.12.0)
      rspec-mocks (~> 3.12.0)
    rspec-core (3.12.2)
      rspec-support (~> 3.12.0)
    rspec-expectations (3.12.3)
      diff-lcs (>= 1.2.0, < 2.0)
      rspec-support (~> 3.12.0)
    rspec-mocks (3.12.6)
      diff-lcs (>= 1.2.0, < 2.0)
      rspec-support (~> 3.12.0)
    rspec-support (3.12.1)
    rubocop (1.57.2)
      json (~> 2.3)
      language_server-protocol (>= 3.17.0)
      parallel (~> 1.10)
      parser (>= 3.2.2.4)
      rainbow (>= 2.2.2, < 4.0)
      regexp_parser (>= 1.8, < 3.0)
      rexml (>= 3.2.5, < 4.0)
      rubocop-ast (>= 1.28.1, < 2.0)
      ruby-progressbar (~> 1.7)
      unicode-display_width (>= 2.4.0, < 3.0)
    rubocop-ast (1.30.0)
      parser (>= 3.2.1.0)
    rubocop-capybara (2.19.0)
      rubocop (~> 1.41)
    rubocop-factory_bot (2.24.0)
      rubocop (~> 1.33)
    rubocop-md (1.2.1)
      rubocop (>= 1.0)
    rubocop-performance (1.19.1)
      rubocop (>= 1.7.0, < 2.0)
      rubocop-ast (>= 0.4.0)
    rubocop-rake (0.6.0)
      rubocop (~> 1.0)
    rubocop-rspec (2.25.0)
      rubocop (~> 1.40)
      rubocop-capybara (~> 2.17)
      rubocop-factory_bot (~> 2.22)
    ruby-progressbar (1.13.0)
    safe_yaml (1.0.5)
    sass-embedded (1.69.5)
      google-protobuf (~> 3.23)
      rake (>= 13.0.0)
    sassc (2.4.0)
      ffi (~> 1.9)
    sprockets (4.2.1)
      concurrent-ruby (~> 1.0)
      rack (>= 2.2.4, < 4)
    stringio (3.0.9)
    terminal-table (3.0.2)
      unicode-display_width (>= 1.1.1, < 3)
    typhoeus (1.4.0)
      ethon (>= 0.9.0)
    tzinfo (2.0.6)
      concurrent-ruby (~> 1.0)
    unicode-display_width (2.5.0)
    webrick (1.8.1)
    yell (2.2.2)
    zeitwerk (2.6.12)

PLATFORMS
  x86_64-linux

DEPENDENCIES
  classifier-reborn
  debug (>= 1.0.0)
  html-proofer
  jekyll (>= 4.3.2)
  jekyll-assets!
  jekyll-environment-variables
  jekyll-tagging
  jekyll_video!
  kramdown
  rake
  rspec
  rubocop
  rubocop-md
  rubocop-performance
  rubocop-rake
  rubocop-rspec

BUNDLED WITH
   2.4.20
